PATH
  remote: .
  specs:
    credit_card_sanitizer (0.6.9)
      luhn_checksum (~> 0.1)
      tracking_number (~> 0.10.3)

GEM
  remote: https://rubygems.org/
  specs:
    ast (2.4.2)
    bump (0.10.0)
    byebug (11.1.3)
    luhn_checksum (0.1.2)
    luhnacy (0.2.2)
    maxitest (4.1.0)
      minitest (>= 5.0.0, < 5.15.0)
    minitest (5.14.4)
    parallel (1.22.1)
    parser (3.1.2.0)
      ast (~> 2.4.1)
    rainbow (3.1.1)
    rake (13.0.6)
    regexp_parser (2.5.0)
    rexml (3.2.5)
    rubocop (1.30.1)
      parallel (~> 1.10)
      parser (>= 3.1.0.0)
      rainbow (>= 2.2.2, < 4.0)
      regexp_parser (>= 1.8, < 3.0)
      rexml (>= 3.2.5, < 4.0)
      rubocop-ast (>= 1.18.0, < 2.0)
      ruby-progressbar (~> 1.7)
      unicode-display_width (>= 1.4.0, < 3.0)
    rubocop-ast (1.18.0)
      parser (>= 3.1.1.0)
    ruby-progressbar (1.11.0)
    single_cov (0.8.4)
    tracking_number (0.10.5)
    unicode-display_width (2.1.0)

PLATFORMS
  ruby

DEPENDENCIES
  bump
  bundler
  byebug
  credit_card_sanitizer!
  luhnacy
  maxitest
  rake
  rubocop
  single_cov

BUNDLED WITH
   2.3.15
